PATH
  remote: .
  specs:
    scss-lint (0.8.0)
      colorize
      sass (= 3.2.9)

GEM
  remote: http://rubygems.org/
  specs:
    colorize (0.5.8)
    diff-lcs (1.2.4)
    mini_portile (0.5.0)
    nokogiri (1.6.0)
      mini_portile (~> 0.5.0)
    rspec (2.13.0)
      rspec-core (~> 2.13.0)
      rspec-expectations (~> 2.13.0)
      rspec-mocks (~> 2.13.0)
    rspec-core (2.13.1)
    rspec-expectations (2.13.0)
      diff-lcs (>= 1.1.3, < 2.0)
    rspec-mocks (2.13.1)
    sass (3.2.9)

PLATFORMS
  ruby

DEPENDENCIES
  nokogiri
  rspec
  scss-lint!
